PATH
  remote: .
  specs:
    smart_message-broker-rabbitmq (0.1.0)
      bunny
      nenv
      smart_message

GEM
  remote: https://rubygems.org/
  specs:
    activesupport (5.2.1)
      concurrent-ruby (~> 1.0, >= 1.0.2)
      i18n (>= 0.7, < 2)
      minitest (~> 5.1)
      tzinfo (~> 1.1)
    amq-protocol (2.3.0)
    awesome_print (1.8.0)
    bunny (2.12.0)
      amq-protocol (~> 2.3, >= 2.3.0)
    concurrent-ruby (1.0.5)
    concurrent-ruby-ext (1.0.5)
      concurrent-ruby (= 1.0.5)
    debug_me (1.0.3)
    hashie (3.6.0)
    i18n (1.1.1)
      concurrent-ruby (~> 1.0)
    minitest (5.11.3)
    minitest-power_assert (0.3.0)
      minitest
      power_assert (>= 1.1)
    nenv (0.3.0)
    power_assert (1.1.3)
    rake (10.5.0)
    shoulda (3.6.0)
      shoulda-context (~> 1.0, >= 1.0.1)
      shoulda-matchers (~> 3.0)
    shoulda-context (1.2.2)
    shoulda-matchers (3.1.2)
      activesupport (>= 4.0.0)
    smart_message (0.0.2)
      activesupport
      concurrent-ruby (~> 1.0)
      concurrent-ruby-ext (~> 1.0)
      hashie (~> 3.6)
    thread_safe (0.3.6)
    tzinfo (1.2.5)
      thread_safe (~> 0.1)

PLATFORMS
  ruby

DEPENDENCIES
  awesome_print
  bundler (~> 1.16)
  debug_me
  minitest (~> 5.0)
  minitest-power_assert
  rake (~> 10.0)
  shoulda
  smart_message-broker-rabbitmq!

BUNDLED WITH
   1.17.1
